GEM
  remote: https://rubygems.org/
  specs:
    nio4r (2.7.4)
    puma (5.6.9)
      nio4r (~> 2.0)
    rack (2.2.13)

PLATFORMS
  arm64-darwin-24
  x86_64-linux

DEPENDENCIES
  puma (~> 5.6)
  rack (~> 2.2)

RUBY VERSION
   ruby 3.1.0p0

BUNDLED WITH
   2.3.10
